GEM
  remote: http://rubygems.org/
  specs:
    haml (4.0.3)
      tilt
    i18n (0.6.4)
    json (1.8.0)
    mysql (2.9.1)
    rack (1.5.2)
    rack-protection (1.5.0)
      rack
    rake (10.0.4)
    shotgun (0.9)
      rack (>= 1.0)
    sinatra (1.4.2)
      rack (~> 1.5, >= 1.5.2)
      rack-protection (~> 1.4)
      tilt (~> 1.3, >= 1.3.4)
    tilt (1.4.1)

PLATFORMS
  ruby

DEPENDENCIES
  haml
  i18n
  json
  mysql
  rack
  rake
  shotgun
  sinatra
